GEM
  remote: https://rubygems.org/
  specs:
    activemodel (4.0.0)
      activesupport (= 4.0.0)
      builder (~> 3.1.0)
    activerecord (4.0.0)
      activemodel (= 4.0.0)
      activerecord-deprecated_finders (~> 1.0.2)
      activesupport (= 4.0.0)
      arel (~> 4.0.0)
    activerecord-deprecated_finders (1.0.4)
    activerecord-jdbc-adapter (1.3.21)
      activerecord (>= 2.2)
    activerecord-jdbcmysql-adapter (1.3.21)
      activerecord-jdbc-adapter (~> 1.3.21)
      jdbc-mysql (>= 5.1.22)
    activerecord-jdbcsqlite3-adapter (1.3.2)
      activerecord-jdbc-adapter (~> 1.3.2)
      jdbc-sqlite3 (~> 3.7.2)
    activerecord-oracle_enhanced-adapter (1.5.1)
    activesupport (4.0.0)
      i18n (~> 0.6, >= 0.6.4)
      minitest (~> 4.2)
      multi_json (~> 1.3)
      thread_safe (~> 0.1)
      tzinfo (~> 0.3.37)
    arel (4.0.2)
    builder (3.1.4)
    childprocess (0.5.1)
      ffi (~> 1.0, >= 1.0.11)
    columnize (0.9.0)
    cucumber (1.3.1)
      builder (>= 2.1.2)
      diff-lcs (>= 1.1.3)
      gherkin (~> 2.12.0)
      multi_json (~> 1.3)
    data_magic (0.15.2)
      faker (>= 1.1.2)
      yml_reader (>= 0.2)
    dbd-jdbc (0.1.6-java)
    dbi (0.4.5)
      deprecated (= 2.0.1)
    deprecated (2.0.1)
    diff-lcs (1.1.3)
    faker (1.2.0)
      i18n (~> 0.5)
    ffi (1.9.0-java)
    gherkin (2.12.0-java)
      multi_json (~> 1.3)
    headless (2.2.2)
    i18n (0.6.5)
    jdbc-mysql (5.1.38)
    jdbc-sqlite3 (3.7.2.1)
    linecache (1.3.1-java)
    minitest (4.7.5)
    multi_json (1.7.9)
    net-ssh (2.9.4)
    net-ssh-gateway (1.1.0)
      net-ssh (>= 1.99.1)
    nokogiri (1.6.8-java)
    page-object (0.9.2)
      page_navigation (>= 0.8)
      selenium-webdriver (>= 2.35.0)
      watir-webdriver (>= 0.6.4)
    page_navigation (0.9)
      data_magic (>= 0.14)
    require_all (1.2.1)
    rspec (2.12.0)
      rspec-core (~> 2.12.0)
      rspec-expectations (~> 2.12.0)
      rspec-mocks (~> 2.12.0)
    rspec-core (2.12.2)
    rspec-expectations (2.12.1)
      diff-lcs (~> 1.1.3)
    rspec-mocks (2.12.2)
    ruby-debug (0.10.6)
      columnize (>= 0.1)
      linecache (~> 1.3.1)
      ruby-debug-base (~> 0.10.6.0)
    ruby-debug-base (0.10.6-java)
    rubyzip (1.2.0)
    selenium-webdriver (2.53.3)
      childprocess (~> 0.5)
      rubyzip (~> 1.0)
      websocket (~> 1.0)
    thread_safe (0.3.5-java)
    tzinfo (0.3.52)
    watir-webdriver (0.9.1)
      selenium-webdriver (>= 2.46.2)
    websocket (1.0.7)
    xpath (0.1.4)
      nokogiri (~> 1.3)
    yml_reader (0.7)

PLATFORMS
  java

DEPENDENCIES
  activerecord (= 4.0.0)
  activerecord-jdbc-adapter (= 1.3.21)
  activerecord-jdbcmysql-adapter (= 1.3.21)
  activerecord-jdbcsqlite3-adapter (= 1.3.2)
  activerecord-oracle_enhanced-adapter (= 1.5.1)
  childprocess (= 0.5.1)
  columnize (= 0.9.0)
  cucumber (= 1.3.1)
  data_magic (= 0.15.2)
  dbd-jdbc
  dbi
  diff-lcs (= 1.1.3)
  faker (= 1.2.0)
  ffi (= 1.9.0)
  gherkin (= 2.12.0)
  headless (= 2.2.2)
  i18n (= 0.6.5)
  jdbc-mysql (= 5.1.38)
  linecache (= 1.3.1)
  multi_json (= 1.7.9)
  net-ssh (~> 2.0)
  net-ssh-gateway (= 1.1.0)
  nokogiri (= 1.6.8)
  page-object (= 0.9.2)
  page_navigation (= 0.9)
  require_all (= 1.2.1)
  rspec (= 2.12.0)
  rspec-core (= 2.12.2)
  rspec-expectations (= 2.12.1)
  rspec-mocks (= 2.12.2)
  ruby-debug (= 0.10.6)
  ruby-debug-base (= 0.10.6)
  rubyzip (= 1.2.0)
  selenium-webdriver (= 2.53.3)
  watir-webdriver (= 0.9.1)
  websocket (= 1.0.7)
  xpath (= 0.1.4)

BUNDLED WITH
   1.12.5
