GEM
  remote: https://rubygems.org/
  specs:
    builder (3.2.3)
    childprocess (0.5.1)
      ffi (~> 1.0, >= 1.0.11)
    coderay (1.1.1)
    columnize (0.9.0)
    cucumber (1.3.18)
      builder (>= 2.1.2)
      diff-lcs (>= 1.1.3)
      gherkin (~> 2.12)
      multi_json (>= 1.7.5, < 2.0)
      multi_test (>= 0.1.1)
    data_magic (0.15.2)
      faker (>= 1.1.2)
      yml_reader (>= 0.2)
    diff-lcs (1.1.3)
    faker (1.2.0)
      i18n (~> 0.5)
    ffi (1.9.0-java)
    gherkin (2.12.0-java)
      multi_json (~> 1.3)
    headless (2.2.2)
    i18n (0.6.5)
    linecache (1.3.1-java)
    method_source (0.8.2)
    multi_json (1.7.9)
    multi_test (0.1.2)
    nokogiri (1.6.8-java)
    page-object (0.9.2)
      page_navigation (>= 0.8)
      selenium-webdriver (>= 2.35.0)
      watir-webdriver (>= 0.6.4)
    page_navigation (0.9)
      data_magic (>= 0.14)
    pry (0.10.4-java)
      coderay (~> 1.1.0)
      method_source (~> 0.8.1)
      slop (~> 3.4)
      spoon (~> 0.0)
    require_all (1.2.1)
    rspec (2.12.0)
      rspec-core (~> 2.12.0)
      rspec-expectations (~> 2.12.0)
      rspec-mocks (~> 2.12.0)
    rspec-core (2.12.2)
    rspec-expectations (2.12.1)
      diff-lcs (~> 1.1.3)
    rspec-mocks (2.12.2)
    ruby-debug (0.10.6)
      columnize (>= 0.1)
      linecache (~> 1.3.1)
      ruby-debug-base (~> 0.10.6.0)
    ruby-debug-base (0.10.6-java)
    rubyzip (1.2.0)
    selenium-webdriver (3.0.4)
      childprocess (~> 0.5)
      rubyzip (~> 1.0)
      websocket (~> 1.0)
    slop (3.6.0)
    spoon (0.0.6)
      ffi
    watir-webdriver (0.9.1)
      selenium-webdriver (>= 2.46.2)
    websocket (1.0.7)
    xpath (0.1.4)
      nokogiri (~> 1.3)
    yml_reader (0.7)

PLATFORMS
  java

DEPENDENCIES
  childprocess (= 0.5.1)
  columnize (= 0.9.0)
  cucumber (= 1.3.18)
  data_magic (= 0.15.2)
  diff-lcs (= 1.1.3)
  faker (= 1.2.0)
  ffi (= 1.9.0)
  gherkin (= 2.12.0)
  headless (= 2.2.2)
  i18n (= 0.6.5)
  linecache (= 1.3.1)
  multi_json (= 1.7.9)
  nokogiri (= 1.6.8)
  page-object (= 0.9.2)
  page_navigation (= 0.9)
  pry
  require_all (= 1.2.1)
  rspec (= 2.12.0)
  rspec-core (= 2.12.2)
  rspec-expectations (= 2.12.1)
  rspec-mocks (= 2.12.2)
  ruby-debug (= 0.10.6)
  rubyzip (= 1.2.0)
  selenium-webdriver (= 3.0.4)
  watir-webdriver (= 0.9.1)
  websocket (= 1.0.7)
  xpath (= 0.1.4)

BUNDLED WITH
   1.14.6
